GEM
  remote: https://rubygems.org/
  specs:
    adsf (1.2.0)
      rack (>= 1.0.0)
    builder (3.2.2)
    coderay (1.1.0)
    colored (1.2)
    cri (2.7.0)
      colored (~> 1.2)
    haml (4.0.7)
      tilt
    hpricot (0.8.6)
    loofah (1.2.1)
      nokogiri (>= 1.4.4)
    method_source (0.8.2)
    mini_portile2 (2.0.0)
    nanoc (4.0.2)
      cri (~> 2.3)
    nokogiri (1.6.7)
      mini_portile2 (~> 2.0.0.rc2)
    pandoc-ruby (1.0.0)
    posix-spawn (0.3.11)
    pry (0.10.3)
      coderay (~> 1.1.0)
      method_source (~> 0.8.1)
      slop (~> 3.4)
    pygments.rb (0.6.3)
      posix-spawn (~> 0.3.6)
      yajl-ruby (~> 1.2.0)
    rack (1.6.4)
    rdiscount (2.1.8)
    sass (3.4.20)
    slop (3.6.0)
    tilt (2.0.1)
    to_slug (1.0.8)
    yajl-ruby (1.2.1)

PLATFORMS
  ruby

DEPENDENCIES
  adsf (= 1.2.0)
  builder (= 3.2.2)
  haml (= 4.0.7)
  hpricot (= 0.8.6)
  loofah (~> 1.2.1)
  nanoc (~> 4.0.2)
  pandoc-ruby (= 1.0.0)
  pry (= 0.10.3)
  pygments.rb (= 0.6.3)
  rdiscount (= 2.1.8)
  sass (= 3.4.20)
  to_slug (= 1.0.8)

BUNDLED WITH
   1.10.6
