GEM
  remote: https://rubygems.org/
  specs:
    adsf (1.2.0)
      rack (>= 1.0.0)
    builder (3.2.2)
    chunky_png (1.3.5)
    colored (1.2)
    compass (1.0.3)
      chunky_png (~> 1.2)
      compass-core (~> 1.0.2)
      compass-import-once (~> 1.0.5)
      rb-fsevent (>= 0.9.3)
      rb-inotify (>= 0.9)
      sass (>= 3.3.13, < 3.5)
    compass-core (1.0.3)
      multi_json (~> 1.0)
      sass (>= 3.3.0, < 3.5)
    compass-import-once (1.0.5)
      sass (>= 3.2, < 3.5)
    cri (2.7.0)
      colored (~> 1.2)
    ffi (1.9.10)
    haml (4.0.7)
      tilt
    hpricot (0.8.6)
    loofah (1.2.1)
      nokogiri (>= 1.4.4)
    mini_portile2 (2.0.0)
    multi_json (1.11.2)
    nanoc (4.0.2)
      cri (~> 2.3)
    nokogiri (1.6.7)
      mini_portile2 (~> 2.0.0.rc2)
    pandoc-ruby (1.0.0)
    posix-spawn (0.3.11)
    pygments.rb (0.6.3)
      posix-spawn (~> 0.3.6)
      yajl-ruby (~> 1.2.0)
    rack (1.6.4)
    rb-fsevent (0.9.6)
    rb-inotify (0.9.5)
      ffi (>= 0.5.0)
    rdiscount (2.1.8)
    sass (3.4.20)
    tilt (2.0.1)
    to_slug (1.0.8)
    yajl-ruby (1.2.1)

PLATFORMS
  ruby

DEPENDENCIES
  adsf (= 1.2.0)
  builder (= 3.2.2)
  compass (= 1.0.3)
  haml (= 4.0.7)
  hpricot (= 0.8.6)
  loofah (~> 1.2.1)
  nanoc (~> 4.0.2)
  pandoc-ruby (= 1.0.0)
  pygments.rb (= 0.6.3)
  rdiscount (= 2.1.8)
  sass (= 3.4.20)
  to_slug (= 1.0.8)

BUNDLED WITH
   1.10.6
