GEM
  remote: http://rubygems.org/
  specs:
    adsf (1.0.1)
      rack (>= 1.0.0)
    chunky_png (1.2.5)
    coffee-script (2.2.0)
      coffee-script-source
      execjs
    coffee-script-source (1.1.3)
    compass (0.11.5)
      chunky_png (~> 1.2)
      fssm (>= 0.2.7)
      sass (~> 3.1)
    cri (2.0.2)
    execjs (1.2.12)
      multi_json (~> 1.0)
    fssm (0.2.7)
    haml (3.1.4)
    multi_json (1.0.4)
    nanoc (3.2.3)
      nanoc3 (>= 3.2.3)
    nanoc3 (3.2.3)
      cri (~> 2.0)
    rack (1.3.5)
    redcarpet (1.17.2)
    sass (3.1.11)

PLATFORMS
  ruby

DEPENDENCIES
  adsf
  coffee-script
  compass
  haml
  nanoc (~> 3.2.3)
  redcarpet (= 1.17.2)
  sass
