GEM
  remote: https://rubygems.org/
  specs:
    adsf (1.2.0)
      rack (>= 1.0.0)
    builder (3.2.2)
    chunky_png (1.3.5)
    colored (1.2)
    compass (0.12.2)
      chunky_png (~> 1.2)
      fssm (>= 0.2.7)
      sass (~> 3.1)
    compass-normalize-plugin (0.4.0)
      compass (>= 0.11.1)
    cri (2.7.0)
      colored (~> 1.2)
    fssm (0.2.10)
    haml (3.1.7)
    hpricot (0.8.6)
    loofah (1.2.1)
      nokogiri (>= 1.4.4)
    mini_portile2 (2.0.0)
    nanoc (4.0.2)
      cri (~> 2.3)
    nokogiri (1.6.7)
      mini_portile2 (~> 2.0.0.rc2)
    pandoc-ruby (1.0.0)
    posix-spawn (0.3.11)
    pygments.rb (0.6.3)
      posix-spawn (~> 0.3.6)
      yajl-ruby (~> 1.2.0)
    rack (1.6.4)
    rdiscount (2.1.8)
    sass (3.2.2)
    to_slug (1.0.8)
    yajl-ruby (1.2.1)

PLATFORMS
  ruby

DEPENDENCIES
  adsf (= 1.2.0)
  builder (= 3.2.2)
  compass (= 0.12.2)
  compass-normalize-plugin (= 0.4.0)
  haml (= 3.1.7)
  hpricot (= 0.8.6)
  loofah (~> 1.2.1)
  nanoc (~> 4.0.2)
  pandoc-ruby (= 1.0.0)
  pygments.rb (= 0.6.3)
  rdiscount (= 2.1.8)
  sass (= 3.2.2)
  to_slug (= 1.0.8)

BUNDLED WITH
   1.10.6
