GEM
  remote: http://rubygems.org/
  specs:
    adsf (1.1.1)
      rack (>= 1.0.0)
    builder (3.1.4)
    chunky_png (1.2.6)
    coffee-script (2.2.0)
      coffee-script-source
      execjs
    coffee-script-source (1.4.0)
    colored (1.2)
    compass (0.12.2)
      chunky_png (~> 1.2)
      fssm (>= 0.2.7)
      sass (~> 3.1)
    cri (2.3.0)
      colored (>= 1.2)
    execjs (1.4.0)
      multi_json (~> 1.0)
    fssm (0.2.9)
    haml (3.1.7)
    hpricot (0.8.6)
    mime-types (1.19)
    multi_json (1.5.0)
    nanoc (3.4.3)
      cri (~> 2.2)
    pandoc-ruby (0.6.0)
    posix-spawn (0.3.6)
    pygments.rb (0.3.3)
      posix-spawn (~> 0.3.6)
      yajl-ruby (~> 1.1.0)
    rack (1.4.1)
    rdiscount (1.6.8)
    sass (3.2.2)
    to_slug (1.0.8)
    yajl-ruby (1.1.0)

PLATFORMS
  ruby

DEPENDENCIES
  adsf
  builder
  coffee-script
  compass (= 0.12.2)
  haml (= 3.1.7)
  hpricot
  mime-types
  nanoc (= 3.4.3)
  pandoc-ruby
  pygments.rb
  rdiscount
  sass (= 3.2.2)
  to_slug (= 1.0.8)
