GEM
  remote: http://rubygems.org/
  specs:
    adsf (1.0.1)
      rack (>= 1.0.0)
    chunky_png (1.2.5)
    compass (0.11.5)
      chunky_png (~> 1.2)
      fssm (>= 0.2.7)
      sass (~> 3.1)
    cri (2.0.2)
    fssm (0.2.7)
    haml (3.1.4)
    nanoc (3.2.3)
      nanoc3 (>= 3.2.3)
    nanoc3 (3.2.3)
      cri (~> 2.0)
    rack (1.3.5)
    redcarpet (1.17.2)
    sass (3.1.11)

PLATFORMS
  ruby

DEPENDENCIES
  adsf
  compass
  haml
  nanoc
  redcarpet (= 1.17.2)
  sass
