GEM
  remote: https://rubygems.org/
  specs:
    adsf (1.1.1)
      rack (>= 1.0.0)
    builder (3.2.0)
    chunky_png (1.2.7)
    coderay (1.0.9)
    coffee-script (2.2.0)
      coffee-script-source
      execjs
    coffee-script-source (1.5.0)
    colored (1.2)
    compass (0.12.2)
      chunky_png (~> 1.2)
      fssm (>= 0.2.7)
      sass (~> 3.1)
    compass-normalize-plugin (0.4.0)
      compass (>= 0.11.1)
    cri (2.3.0)
      colored (>= 1.2)
    execjs (1.4.0)
      multi_json (~> 1.0)
    fssm (0.2.10)
    haml (3.1.7)
    hpricot (0.8.6)
    loofah (1.2.1)
      nokogiri (>= 1.4.4)
    method_source (0.8.1)
    mime-types (1.21)
    multi_json (1.6.1)
    nanoc (3.6.1)
      cri (~> 2.3)
    nokogiri (1.5.6)
    pandoc-ruby (0.6.0)
    posix-spawn (0.3.6)
    pry (0.9.12)
      coderay (~> 1.0.5)
      method_source (~> 0.8)
      slop (~> 3.4)
    pygments.rb (0.4.2)
      posix-spawn (~> 0.3.6)
      yajl-ruby (~> 1.1.0)
    rack (1.5.2)
    rdiscount (2.0.7)
    sass (3.2.2)
    slop (3.4.3)
    systemu (2.5.2)
    to_slug (1.0.8)
    yajl-ruby (1.1.0)

PLATFORMS
  ruby

DEPENDENCIES
  adsf
  builder
  coffee-script
  compass (= 0.12.2)
  compass-normalize-plugin (= 0.4.0)
  haml (= 3.1.7)
  hpricot
  loofah (~> 1.2.1)
  mime-types
  nanoc (~> 3.6.0)
  pandoc-ruby
  pry (~> 0.9.12)
  pygments.rb
  rdiscount
  sass (= 3.2.2)
  systemu
  to_slug (= 1.0.8)
