GEM
  remote: http://rubygems.org/
  specs:
    adsf (1.1.1)
      rack (>= 1.0.0)
    blankslate (2.1.2.4)
    chunky_png (1.2.5)
    coffee-script (2.2.0)
      coffee-script-source
      execjs
    coffee-script-source (1.3.1)
    compass (0.12.1)
      chunky_png (~> 1.2)
      fssm (>= 0.2.7)
      sass (~> 3.1)
    cri (2.2.1)
    execjs (1.3.0)
      multi_json (~> 1.0)
    ffi (1.0.11)
    fssm (0.2.9)
    haml (3.1.4)
    hpricot (0.8.6)
    mime-types (1.18)
    multi_json (1.3.1)
    nanoc (3.3.3)
      cri (~> 2.2)
    pandoc-ruby (0.5.0)
    pygments.rb (0.2.11)
      rubypython (~> 0.5.3)
    rack (1.4.1)
    rdiscount (1.6.8)
    rubypython (0.5.3)
      blankslate (>= 2.1.2.3)
      ffi (~> 1.0.7)
    sass (3.1.15)
    to_slug (1.0.8)

PLATFORMS
  ruby

DEPENDENCIES
  adsf
  coffee-script
  compass
  haml
  hpricot
  mime-types
  nanoc (~> 3.3.3)
  pandoc-ruby
  pygments.rb
  rdiscount
  sass
  to_slug (= 1.0.8)
